PATH
  remote: .
  specs:
    railway-ipc (0.1.1)
      bunny (~> 2.2.0)
      sneakers (~> 2.3.5)

GEM
  remote: https://rubygems.org/
  specs:
    amq-protocol (2.3.0)
    bunny (2.2.2)
      amq-protocol (>= 2.0.1)
    byebug (9.1.0)
    coderay (1.1.2)
    diff-lcs (1.3)
    google-protobuf (3.9.2)
    method_source (0.9.2)
    pry (0.12.2)
      coderay (~> 1.1.0)
      method_source (~> 0.9.0)
    pry-byebug (3.4.2)
      byebug (~> 9.0)
      pry (~> 0.10)
    rake (13.0.0)
    rspec (3.8.0)
      rspec-core (~> 3.8.0)
      rspec-expectations (~> 3.8.0)
      rspec-mocks (~> 3.8.0)
    rspec-core (3.8.2)
      rspec-support (~> 3.8.0)
    rspec-expectations (3.8.4)
      diff-lcs (>= 1.2.0, < 2.0)
      rspec-support (~> 3.8.0)
    rspec-mocks (3.8.1)
      diff-lcs (>= 1.2.0, < 2.0)
      rspec-support (~> 3.8.0)
    rspec-support (3.8.2)
    serverengine (1.5.11)
      sigdump (~> 0.2.2)
    sigdump (0.2.4)
    sneakers (2.3.5)
      bunny (~> 2.2.0)
      serverengine (~> 1.5.11)
      thor
      thread (~> 0.1.7)
    thor (0.20.3)
    thread (0.1.7)

PLATFORMS
  ruby

DEPENDENCIES
  bundler (= 2.0.1)
  google-protobuf (~> 3.9)
  pry-byebug (= 3.4.2)
  railway-ipc!
  rake (>= 10.0.0)
  rspec (~> 3.0)

BUNDLED WITH
   2.0.1
